GIT
  remote: git://github.com/cspicker/nanoc-git.git
  revision: babb56c03aed6023b3ed9ee12e7eab11ce2ba40c
  specs:
    nanoc-git (0.0.7)
      git (>= 1.2.5)
      nanoc (>= 3.1.6)

GIT
  remote: git://github.com/ddfreyne/nanoc.git
  revision: 050e6604f48c1dca7128046ec8a69398adac870a
  specs:
    nanoc3 (3.2.0a3)
      cri (>= 1.0.0)

GEM
  remote: http://rubygems.org/
  specs:
    activesupport (3.0.7)
    chunky_png (1.2.0)
    compass (0.11.1)
      chunky_png (~> 1.1)
      fssm (>= 0.2.7)
      sass (~> 3.1)
    cri (1.0.1)
    fssm (0.2.7)
    git (1.2.5)
    haml (3.1.1)
    i18n (0.6.0)
    json (1.5.1)
    nanoc (3.1.7)
      nanoc3 (>= 3.1.7)
    rake (0.9.1)
    rdiscount (1.6.8)
    sass (3.1.2)

PLATFORMS
  ruby

DEPENDENCIES
  activesupport
  compass
  git
  haml
  i18n
  json
  nanoc-git!
  nanoc3!
  rake
  rdiscount
  sass
