GIT
  remote: git://github.com/ddfreyne/nanoc.git
  revision: 350b1ad77d4b3ba56b747783ee261cdabf54daae
  specs:
    nanoc3 (3.2.0a3)
      cri (>= 1.0.0)

GEM
  remote: http://rubygems.org/
  specs:
    activesupport (3.0.7)
    cri (1.0.1)
    haml (3.1.1)
    i18n (0.6.0)
    json (1.5.1)
    rake (0.9.0)
    rdiscount (1.6.8)
    sass (3.1.1)

PLATFORMS
  ruby

DEPENDENCIES
  activesupport
  haml
  i18n
  json
  nanoc3!
  rake
  rdiscount
  sass
