GIT
  remote: git://github.com/cspicker/nanoc.git
  revision: 389173845e92ca7454f74efe4a5f7f20804c9d06
  specs:
    nanoc3 (3.2.0a3)
      cri (>= 1.0.0)

GEM
  remote: http://rubygems.org/
  specs:
    activesupport (3.0.7)
    chunky_png (1.2.0)
    compass (0.11.1)
      chunky_png (~> 1.1)
      fssm (>= 0.2.7)
      sass (~> 3.1)
    cri (1.0.1)
    fssm (0.2.7)
    git (1.2.5)
    haml (3.1.1)
    i18n (0.6.0)
    json (1.5.1)
    rake (0.9.0)
    rdiscount (1.6.8)
    sass (3.1.1)

PLATFORMS
  ruby

DEPENDENCIES
  activesupport
  compass
  git
  haml
  i18n
  json
  nanoc3!
  rake
  rdiscount
  sass
